GEM
  remote: https://rubygems.org/
  specs:
    charlock_holmes (0.7.6)
    diff-lcs (1.3)
    escape_utils (1.2.1)
    github-linguist (7.1.3)
      charlock_holmes (~> 0.7.6)
      escape_utils (~> 1.2.0)
      mime-types (>= 1.19)
      rugged (>= 0.25.1)
    mime-types (3.2.2)
      mime-types-data (~> 3.2015)
    mime-types-data (3.2018.0812)
    parallel (1.12.1)
    rspec (3.8.0)
      rspec-core (~> 3.8.0)
      rspec-expectations (~> 3.8.0)
      rspec-mocks (~> 3.8.0)
    rspec-core (3.8.0)
      rspec-support (~> 3.8.0)
    rspec-expectations (3.8.2)
      diff-lcs (>= 1.2.0, < 2.0)
      rspec-support (~> 3.8.0)
    rspec-mocks (3.8.0)
      diff-lcs (>= 1.2.0, < 2.0)
      rspec-support (~> 3.8.0)
    rspec-support (3.8.0)
    rugged (0.27.7)

PLATFORMS
  ruby

DEPENDENCIES
  github-linguist (~> 7.0)
  parallel (~> 1.12)
  rspec (~> 3.8)

BUNDLED WITH
   2.0.1
